GEM
  remote: https://rubygems.org/
  specs:
    bourbon (3.1.2.1)
      sass (>= 3.2.0)
      thor
    coffee-script (2.2.0)
      coffee-script-source
      execjs
    coffee-script-source (1.6.2)
    execjs (1.4.0)
      multi_json (~> 1.0)
    ffi (1.7.0)
    listen (0.7.3)
    multi_json (1.7.2)
    rack (1.5.2)
    rack-rewrite (1.3.3)
    rake (10.0.4)
    rb-inotify (0.9.0)
      ffi (>= 0.5.0)
    sass (3.2.7)
    thor (0.18.1)

PLATFORMS
  ruby

DEPENDENCIES
  bourbon (~> 3.1)
  coffee-script (~> 2.2)
  listen (~> 0.7)
  rack (~> 1.5)
  rack-rewrite (~> 1.3)
  rake (~> 10.0)
  rb-inotify (~> 0.9)
